PATH
  remote: .
  specs:
    warding (0.1.0)

GEM
  remote: https://rubygems.org/
  specs:
    pastel (0.8.0)
      tty-color (~> 0.5)
    rake (12.3.3)
    tty-color (0.5.1)
    tty-cursor (0.7.1)
    tty-prompt (0.22.0)
      pastel (~> 0.8)
      tty-reader (~> 0.8)
    tty-reader (0.8.0)
      tty-cursor (~> 0.7)
      tty-screen (~> 0.8)
      wisper (~> 2.0)
    tty-screen (0.8.1)
    wisper (2.0.1)

PLATFORMS
  ruby

DEPENDENCIES
  rake (~> 12.0)
  tty-prompt
  warding!

BUNDLED WITH
   2.1.4
